GIT
  remote: https://github.com/mono0x/extractcontent.git
  revision: 220ed055e8f8e22b2fb085da593881c3ec9bba12
  specs:
    extractcontent (0.0.1)

GEM
  remote: https://rubygems.org/
  specs:
    activemodel (4.1.1)
      activesupport (= 4.1.1)
      builder (~> 3.1)
    activerecord (4.1.1)
      activemodel (= 4.1.1)
      activesupport (= 4.1.1)
      arel (~> 5.0.0)
    activesupport (4.1.1)
      i18n (~> 0.6, >= 0.6.9)
      json (~> 1.7, >= 1.7.7)
      minitest (~> 5.1)
      thread_safe (~> 0.1)
      tzinfo (~> 1.1)
    arel (5.0.1.20140414130214)
    builder (3.2.2)
    daemons (1.1.9)
    dotenv (0.7.0)
    eventmachine (1.0.6)
    foreman (0.67.0)
      dotenv (~> 0.7.0)
      thor (~> 0.17.0)
    i18n (0.6.9)
    json (1.8.6)
    minitest (5.3.3)
    pg (0.17.1)
    rack (1.5.2)
    rack-protection (1.5.3)
      rack
    rake (0.9.6)
    sinatra (1.4.5)
      rack (~> 1.4)
      rack-protection (~> 1.4)
      tilt (~> 1.3, >= 1.3.4)
    sqlite3 (1.3.9)
    thin (1.6.2)
      daemons (>= 1.0.9)
      eventmachine (>= 1.0.0)
      rack (>= 1.0.0)
    thor (0.17.0)
    thread_safe (0.3.3)
    tilt (1.4.1)
    tzinfo (1.1.0)
      thread_safe (~> 0.1)

PLATFORMS
  ruby

DEPENDENCIES
  activerecord
  activesupport
  extractcontent!
  foreman
  pg
  rake
  sinatra
  sqlite3
  thin

BUNDLED WITH
   1.17.3
