GIT
  remote: https://github.com/mono0x/extractcontent.git
  revision: 6dc303ab5ad90ada73a8b63c29dc0b99591afabd
  specs:
    extractcontent (0.0.1)

GEM
  remote: https://rubygems.org/
  specs:
    activemodel (6.0.5.1)
      activesupport (= 6.0.5.1)
    activerecord (6.0.5.1)
      activemodel (= 6.0.5.1)
      activesupport (= 6.0.5.1)
    activesupport (6.0.5.1)
      concurrent-ruby (~> 1.0, >= 1.0.2)
      i18n (>= 0.7, < 2)
      minitest (~> 5.1)
      tzinfo (~> 1.1)
      zeitwerk (~> 2.2, >= 2.2.2)
    addressable (2.8.0)
      public_suffix (>= 2.0.2, < 5.0)
    concurrent-ruby (1.1.10)
    crack (0.4.5)
      rexml
    daemons (1.4.1)
    eventmachine (1.2.7)
    foreman (0.87.2)
    hashdiff (1.0.1)
    i18n (1.12.0)
      concurrent-ruby (~> 1.0)
    minitest (5.14.0)
    mustermann (2.0.2)
      ruby2_keywords (~> 0.0.1)
    pg (1.4.3)
    public_suffix (4.0.7)
    rack (2.2.4)
    rack-protection (2.2.2)
      rack
    rack-test (2.0.2)
      rack (>= 1.3)
    rake (13.0.6)
    rexml (3.2.5)
    ruby2_keywords (0.0.5)
    sinatra (2.2.2)
      mustermann (~> 2.0)
      rack (~> 2.2)
      rack-protection (= 2.2.2)
      tilt (~> 2.0)
    sqlite3 (1.4.2)
    thin (1.8.1)
      daemons (~> 1.0, >= 1.0.9)
      eventmachine (~> 1.0, >= 1.0.4)
      rack (>= 1, < 3)
    thread_safe (0.3.6)
    tilt (2.0.11)
    tzinfo (1.2.10)
      thread_safe (~> 0.1)
    webmock (3.17.1)
      addressable (>= 2.8.0)
      crack (>= 0.3.2)
      hashdiff (>= 0.4.0, < 2.0.0)
    zeitwerk (2.6.0)

PLATFORMS
  ruby

DEPENDENCIES
  activerecord
  activesupport
  extractcontent!
  foreman
  minitest
  pg
  rack-test
  rake
  sinatra
  sqlite3
  thin
  webmock

RUBY VERSION
   ruby 2.7.5p203

BUNDLED WITH
   1.17.3
